GEM
  remote: https://rubygems.org/
  specs:
    bson (4.1.1)
    httparty (0.14.0)
      multi_xml (>= 0.5.2)
    json (2.0.2)
    mongo (2.2.7)
      bson (~> 4.0)
    multi_xml (0.5.5)
    rack (1.6.4)
    rack-protection (1.5.3)
      rack
    sinatra (1.4.7)
      rack (~> 1.5)
      rack-protection (~> 1.4)
      tilt (>= 1.3, < 3)
    tilt (2.0.5)

PLATFORMS
  x64-mingw32

DEPENDENCIES
  httparty
  json
  mongo
  sinatra

BUNDLED WITH
   1.13.0.rc.1
