GEM
  remote: https://rubygems.org/
  specs:
    bson (4.1.1)
    httparty (0.13.7)
      json (~> 1.8)
      multi_xml (>= 0.5.2)
    json (1.8.3)
    mongo (2.2.5)
      bson (~> 4.0)
    multi_xml (0.5.5)
    mysql2 (0.4.4)
    rack (1.6.4)
    rack-protection (1.5.3)
      rack
    sinatra (1.4.7)
      rack (~> 1.5)
      rack-protection (~> 1.4)
      tilt (>= 1.3, < 3)
    tilt (2.0.5)

PLATFORMS
  ruby

DEPENDENCIES
  httparty
  json
  mongo
  mysql2
  sinatra

BUNDLED WITH
   1.10.6
